PATH
  remote: .
  specs:
    git-hooks-helper (0.0.2)

GEM
  remote: http://rubygems.org/
  specs:
    abstract (1.0.0)
    activesupport (3.0.11)
    coderay (0.9.8)
    colored (1.2)
    diff-lcs (1.1.3)
    erubis (2.6.6)
      abstract (>= 1.0.0)
    i18n (0.5.0)
    method_source (0.6.7)
      ruby_parser (>= 2.3.1)
    progressbar (0.9.1)
    pry (0.9.7.4)
      coderay (~> 0.9.8)
      method_source (~> 0.6.7)
      ruby_parser (>= 2.3.1)
      slop (~> 2.1.0)
    rails_best_practices (1.3.0)
      activesupport
      colored
      erubis
      i18n
      progressbar
      sexp_processor
    rspec (2.8.0)
      rspec-core (~> 2.8.0)
      rspec-expectations (~> 2.8.0)
      rspec-mocks (~> 2.8.0)
    rspec-core (2.8.0)
    rspec-expectations (2.8.0)
      diff-lcs (~> 1.1.2)
    rspec-mocks (2.8.0)
    ruby_parser (2.3.1)
      sexp_processor (~> 3.0)
    sexp_processor (3.0.10)
    slop (2.1.0)

PLATFORMS
  ruby

DEPENDENCIES
  git-hooks-helper!
  pry
  rails_best_practices
  rspec
